PATH
  remote: .
  specs:
    epub_to_cbz (0.0.1)

GEM
  remote: https://rubygems.org/
  specs:
    minitest (5.10.3)
    rubyzip (1.2.1)

PLATFORMS
  ruby

DEPENDENCIES
  epub_to_cbz!
  minitest (>= 5.10.3)
  rubyzip (>= 1.0.0)

BUNDLED WITH
   1.15.3
